GEM
  remote: https://rubygems.org/
  specs:
    awesome_print (1.1.0)
    aws-sdk (1.18.0)
      json (~> 1.4)
      nokogiri (< 1.6.0)
      uuidtools (~> 2.1)
    coderay (1.0.9)
    i18n (0.6.5)
    json (1.8.0)
    mail (2.5.4)
      mime-types (~> 1.16)
      treetop (~> 1.4.8)
    method_source (0.8.2)
    mime-types (1.25)
    nokogiri (1.5.10)
    polyglot (0.3.3)
    pry (0.9.12.2)
      coderay (~> 1.0.5)
      method_source (~> 0.8)
      slop (~> 3.4)
    slop (3.4.6)
    treetop (1.4.15)
      polyglot
      polyglot (>= 0.3.1)
    uuidtools (2.1.4)

PLATFORMS
  ruby

DEPENDENCIES
  awesome_print
  aws-sdk
  i18n
  mail
  pry
